GEM
  remote: https://rubygems.org/
  specs:
    stripe (5.4.1)

PLATFORMS
  ruby

DEPENDENCIES
  stripe

RUBY VERSION
   ruby 2.5.3p105

BUNDLED WITH
   2.0.2
